GEM
  remote: https://rubygems.org/
  specs:
    activemodel (3.2.12)
      activesupport (= 3.2.12)
      builder (~> 3.0.0)
    activerecord (3.2.12)
      activemodel (= 3.2.12)
      activesupport (= 3.2.12)
      arel (~> 3.0.2)
      tzinfo (~> 0.3.29)
    activesupport (3.2.12)
      i18n (~> 0.6)
      multi_json (~> 1.0)
    arel (3.0.2)
    blitz (0.1.20)
      couchrest (~> 1.0.1)
      hexy (~> 0.1.1)
      json (~> 1.5.1)
      json_pure (~> 1.5.1)
      rest-client (~> 1.6.1)
      rspec (~> 2.6)
      rspec-core (~> 2.6)
      term-ansicolor (= 1.0.5)
    builder (3.0.4)
    bzip2-ruby (0.2.7)
    couchrest (1.0.2)
      json (~> 1.5.1)
      mime-types (~> 1.15)
      rest-client (~> 1.6.1)
    daemons (1.1.9)
    diff-lcs (1.2.1)
    eventmachine (1.0.0)
    ffi (1.3.1)
    grocer (0.3.1)
    hexy (0.1.2)
    httpclient (2.3.2)
    i18n (0.6.1)
    json (1.5.5)
    json_pure (1.5.5)
      spruz (~> 0.2.8)
    jwt (0.1.5)
      multi_json (>= 1.0)
    listen (0.7.2)
    mail (2.5.3)
      i18n (>= 0.4.0)
      mime-types (~> 1.16)
      treetop (~> 1.4.8)
    mime-types (1.21)
    multi_json (1.6.0)
    newrelic_rpm (3.4.0.1)
    pg (0.14.1)
    polyglot (0.3.3)
    pony (1.4)
      mail (> 2.0)
    postgres (0.8.1)
      pg (~> 0)
    rack (1.5.2)
    rack-protection (1.3.2)
      rack
    rake (10.0.3)
    rb-inotify (0.8.8)
      ffi (>= 0.5.0)
    redis (3.0.2)
    redis-namespace (1.2.1)
      redis (~> 3.0.0)
    rerun (0.8.0)
      listen
    resque (1.23.0)
      multi_json (~> 1.0)
      redis-namespace (~> 1.0)
      sinatra (>= 0.9.2)
      vegas (~> 0.1.2)
    resque-scheduler (2.0.0)
      redis (>= 2.0.1)
      resque (>= 1.20.0)
      rufus-scheduler
    rest-client (1.6.7)
      mime-types (>= 1.16)
    rspec (2.13.0)
      rspec-core (~> 2.13.0)
      rspec-expectations (~> 2.13.0)
      rspec-mocks (~> 2.13.0)
    rspec-core (2.13.0)
    rspec-expectations (2.13.0)
      diff-lcs (>= 1.1.3, < 2.0)
    rspec-mocks (2.13.0)
    rufus-scheduler (2.0.17)
      tzinfo (>= 0.3.23)
    sinatra (1.3.4)
      rack (~> 1.4)
      rack-protection (~> 1.3)
      tilt (~> 1.3, >= 1.3.3)
    sinatra-activerecord (1.2.2)
      activerecord (~> 3.0)
      sinatra (~> 1.0)
    spruz (0.2.13)
    term-ansicolor (1.0.5)
    thin (1.5.0)
      daemons (>= 1.0.9)
      eventmachine (>= 0.12.6)
      rack (>= 1.0.0)
    tilt (1.3.3)
    treetop (1.4.12)
      polyglot
      polyglot (>= 0.3.1)
    twilio-ruby (3.9.0)
      builder (>= 2.1.2)
      jwt (>= 0.1.2)
      multi_json (>= 1.3.0)
    tzinfo (0.3.35)
    vegas (0.1.11)
      rack (>= 1.0.0)
    will_paginate (3.0.4)

PLATFORMS
  ruby

DEPENDENCIES
  activerecord (~> 3.2.12)
  blitz
  bzip2-ruby
  grocer
  httpclient
  newrelic_rpm
  pony
  postgres
  rake
  rb-inotify (~> 0.8.8)
  rerun
  resque
  resque-scheduler
  sinatra
  sinatra-activerecord
  thin
  twilio-ruby
  will_paginate (~> 3.0.0)
